GEM
  remote: http://rubygems.org/
  specs:
    builder (3.0.0)
    daemons (1.1.8)
    eventmachine (0.12.10)
    haml (3.1.4)
    json (1.6.5)
    jwt (0.1.4)
      json (>= 1.2.4)
    mime-types (1.17.2)
    multi_json (1.0.4)
    oauth (0.4.5)
    rack (1.4.1)
    rack-protection (1.2.0)
      rack
    rake (0.9.2.2)
    sass (3.1.15)
    sinatra (1.3.2)
      rack (~> 1.3, >= 1.3.6)
      rack-protection (~> 1.2)
      tilt (~> 1.3, >= 1.3.3)
    thin (1.3.1)
      daemons (>= 1.0.9)
      eventmachine (>= 0.12.6)
      rack (>= 1.0.0)
    tilt (1.3.3)
    twilio-ruby (3.5.1)
      builder (>= 2.1.2)
      jwt (>= 0.1.2)
      multi_json (>= 1.0.3)
    twitter_oauth (0.4.3)
      json (>= 1.1.9)
      mime-types (>= 1.16)
      oauth (>= 0.4.1)

PLATFORMS
  ruby

DEPENDENCIES
  haml
  rake
  sass
  sinatra
  thin
  twilio-ruby
  twitter_oauth
